PATH
  remote: .
  specs:
    wholeable (0.0.0)

GEM
  remote: https://rubygems.org/
  specs:
    amazing_print (1.6.0)
    ast (2.4.2)
    bigdecimal (3.1.8)
    caliber (0.61.0)
      rubocop (~> 1.66)
      rubocop-capybara (~> 2.21)
      rubocop-disable_syntax (~> 0.1)
      rubocop-packaging (~> 0.5)
      rubocop-performance (~> 1.22)
      rubocop-rake (~> 0.6)
      rubocop-rspec (~> 3.1)
      rubocop-thread_safety (~> 0.5)
    cogger (0.27.0)
      core (~> 1.7)
      refinements (~> 12.8)
      tone (~> 1.0)
      zeitwerk (~> 2.6)
    concurrent-ruby (1.3.4)
    containable (0.5.0)
      concurrent-ruby (~> 1.2)
    core (1.8.0)
    debug (1.9.2)
      irb (~> 1.10)
      reline (>= 0.3.8)
    diff-lcs (1.5.1)
    docile (1.4.1)
    dry-configurable (1.2.0)
      dry-core (~> 1.0, < 2)
      zeitwerk (~> 2.6)
    dry-core (1.0.1)
      concurrent-ruby (~> 1.0)
      zeitwerk (~> 2.6)
    dry-inflector (1.1.0)
    dry-initializer (3.1.1)
    dry-logic (1.5.0)
      concurrent-ruby (~> 1.0)
      dry-core (~> 1.0, < 2)
      zeitwerk (~> 2.6)
    dry-monads (1.6.0)
      concurrent-ruby (~> 1.0)
      dry-core (~> 1.0, < 2)
      zeitwerk (~> 2.6)
    dry-schema (1.13.4)
      concurrent-ruby (~> 1.0)
      dry-configurable (~> 1.0, >= 1.0.1)
      dry-core (~> 1.0, < 2)
      dry-initializer (~> 3.0)
      dry-logic (>= 1.4, < 2)
      dry-types (>= 1.7, < 2)
      zeitwerk (~> 2.6)
    dry-types (1.7.2)
      bigdecimal (~> 3.0)
      concurrent-ruby (~> 1.0)
      dry-core (~> 1.0)
      dry-inflector (~> 1.0)
      dry-logic (~> 1.4)
      zeitwerk (~> 2.6)
    etcher (2.3.0)
      cogger (~> 0.26)
      core (~> 1.7)
      dry-monads (~> 1.6)
      dry-types (~> 1.7)
      refinements (~> 12.8)
      versionaire (~> 13.0)
      zeitwerk (~> 2.6)
    git-lint (8.4.0)
      cogger (~> 0.26)
      containable (~> 0.2)
      core (~> 1.7)
      dry-monads (~> 1.6)
      dry-schema (~> 1.13)
      etcher (~> 2.1)
      gitt (~> 3.9)
      infusible (~> 3.8)
      refinements (~> 12.8)
      runcom (~> 11.5)
      sod (~> 0.14)
      spek (~> 3.0)
      tone (~> 1.0)
      zeitwerk (~> 2.6)
    gitt (3.9.0)
      core (~> 1.7)
      dry-monads (~> 1.6)
      refinements (~> 12.8)
      zeitwerk (~> 2.6)
    infusible (3.10.1)
      marameters (~> 3.3)
    io-console (0.7.2)
    irb (1.14.1)
      rdoc (>= 4.0.0)
      reline (>= 0.4.2)
    irb-kit (0.6.0)
      irb (~> 1.14)
      zeitwerk (~> 2.6)
    json (2.7.2)
    language_server-protocol (3.17.0.3)
    logger (1.6.1)
    marameters (3.7.0)
      refinements (~> 12.8)
      zeitwerk (~> 2.6)
    optparse (0.5.0)
    parallel (1.26.3)
    parser (3.3.5.0)
      ast (~> 2.4.1)
      racc
    prism (1.1.0)
    psych (5.1.2)
      stringio
    racc (1.8.1)
    rainbow (3.1.1)
    rake (13.2.1)
    rbs (3.6.1)
      logger
    rdoc (6.7.0)
      psych (>= 4.0.0)
    reek (6.3.0)
      dry-schema (~> 1.13.0)
      parser (~> 3.3.0)
      rainbow (>= 2.0, < 4.0)
      rexml (~> 3.1)
    refinements (12.9.0)
    regexp_parser (2.9.2)
    reline (0.5.10)
      io-console (~> 0.5)
    repl_type_completor (0.1.7)
      prism (~> 1.0)
      rbs (>= 2.7.0, < 4.0.0)
    rexml (3.3.8)
    rspec (3.13.0)
      rspec-core (~> 3.13.0)
      rspec-expectations (~> 3.13.0)
      rspec-mocks (~> 3.13.0)
    rspec-core (3.13.1)
      rspec-support (~> 3.13.0)
    rspec-expectations (3.13.3)
      diff-lcs (>= 1.2.0, < 2.0)
      rspec-support (~> 3.13.0)
    rspec-mocks (3.13.2)
      diff-lcs (>= 1.2.0, < 2.0)
      rspec-support (~> 3.13.0)
    rspec-support (3.13.1)
    rubocop (1.66.1)
      json (~> 2.3)
      language_server-protocol (>= 3.17.0)
      parallel (~> 1.10)
      parser (>= 3.3.0.2)
      rainbow (>= 2.2.2, < 4.0)
      regexp_parser (>= 2.4, < 3.0)
      rubocop-ast (>= 1.32.2, < 2.0)
      ruby-progressbar (~> 1.7)
      unicode-display_width (>= 2.4.0, < 3.0)
    rubocop-ast (1.32.3)
      parser (>= 3.3.1.0)
    rubocop-capybara (2.21.0)
      rubocop (~> 1.41)
    rubocop-disable_syntax (0.1.1)
      rubocop (>= 1.50)
    rubocop-packaging (0.5.2)
      rubocop (>= 1.33, < 2.0)
    rubocop-performance (1.22.1)
      rubocop (>= 1.48.1, < 2.0)
      rubocop-ast (>= 1.31.1, < 2.0)
    rubocop-rake (0.6.0)
      rubocop (~> 1.0)
    rubocop-rspec (3.1.0)
      rubocop (~> 1.61)
    rubocop-thread_safety (0.5.1)
      rubocop (>= 0.90.0)
    ruby-progressbar (1.13.0)
    runcom (11.7.0)
      refinements (~> 12.8)
      xdg (~> 8.6)
      zeitwerk (~> 2.6)
    simplecov (0.22.0)
      docile (~> 1.1)
      simplecov-html (~> 0.11)
      simplecov_json_formatter (~> 0.1)
    simplecov-html (0.13.1)
    simplecov_json_formatter (0.1.4)
    sod (0.15.0)
      cogger (~> 0.26)
      containable (~> 0.2)
      infusible (~> 3.8)
      optparse (~> 0.5)
      refinements (~> 12.8)
      tone (~> 1.0)
      zeitwerk (~> 2.6)
    spek (3.7.0)
      dry-monads (~> 1.6)
      refinements (~> 12.8)
      versionaire (~> 13.0)
      zeitwerk (~> 2.6)
    stringio (3.1.1)
    tone (1.7.0)
      refinements (~> 12.8)
      zeitwerk (~> 2.6)
    unicode-display_width (2.6.0)
    versionaire (13.7.0)
      refinements (~> 12.8)
    xdg (8.7.0)
    zeitwerk (2.6.18)

PLATFORMS
  arm64-darwin-23
  ruby
  x86_64-linux

DEPENDENCIES
  amazing_print (~> 1.6)
  caliber (~> 0.58)
  debug (~> 1.9)
  git-lint (~> 8.0)
  irb-kit (~> 0.3)
  rake (~> 13.2)
  reek (~> 6.3)
  repl_type_completor (~> 0.1)
  rspec (~> 3.13)
  simplecov (~> 0.22)
  wholeable!

RUBY VERSION
   ruby 3.3.5p100

BUNDLED WITH
   2.5.21
